PATH
  remote: .
  specs:
    faw_icon (1.2.1)

GEM
  remote: https://rubygems.org/
  specs:
    rake (10.5.0)

PLATFORMS
  x86_64-linux

DEPENDENCIES
  bundler (~> 2.2)
  faw_icon!
  rake (~> 10.0)

BUNDLED WITH
   2.2.5
