PATH
  remote: .
  specs:
    faw_icon (0.5.2)

GEM
  remote: https://rubygems.org/
  specs:
    minitest (5.11.3)
    rake (10.5.0)

PLATFORMS
  ruby

DEPENDENCIES
  bundler (~> 1.16)
  faw_icon!
  minitest (~> 5.0)
  rake (~> 10.0)

BUNDLED WITH
   1.16.2
